PATH
  remote: /Users/mbklein/Workspace/gems/yakkety
  specs:
    yakkety (0.4.0)
      nokogiri

GEM
  remote: http://rubygems.org/
  specs:
    haversine (0.3.0)
    json_pure (1.6.0)
    nokogiri (1.5.0)
    rack (1.3.2)
    sinatra (1.2.6)
      rack (~> 1.1)
      tilt (>= 1.2.2, < 2.0)
    tilt (1.3.3)

PLATFORMS
  ruby

DEPENDENCIES
  haversine
  json_pure
  nokogiri
  sinatra
  yakkety!
